GEM
  remote: https://rubygems.org/
  specs:
    breakpoint (2.4.6)
      sass (~> 3.3.0)
      sassy-maps (< 1.0.0)
    sass (3.3.14)
    sassy-maps (0.4.0)
      sass (~> 3.3)

PLATFORMS
  x86-mingw32

DEPENDENCIES
  breakpoint (~> 2.4.0)

BUNDLED WITH
   1.10.5
